GEM
  remote: https://rubygems.org/
  specs:
    aws-sdk-v1 (1.67.0)
      json (~> 1.4)
      nokogiri (~> 1)
    fakefs (0.5.2)
    json (1.8.6)
    mini_portile2 (2.3.0)
    nokogiri (1.8.4)
      mini_portile2 (~> 2.3.0)
    open-uri-s3 (1.6.0)
      aws-sdk-v1

PLATFORMS
  ruby

DEPENDENCIES
  fakefs (= 0.5.2)
  open-uri-s3

RUBY VERSION
   ruby 2.5.1p57

BUNDLED WITH
   1.16.1
